GEM
  remote: https://rubygems.org/
  specs:
    actionmailer (3.2.18)
      actionpack (= 3.2.18)
      mail (~> 2.5.4)
    actionpack (3.2.18)
      activemodel (= 3.2.18)
      activesupport (= 3.2.18)
      builder (~> 3.0.0)
      erubis (~> 2.7.0)
      journey (~> 1.0.4)
      rack (~> 1.4.5)
      rack-cache (~> 1.2)
      rack-test (~> 0.6.1)
      sprockets (~> 2.2.1)
    activemodel (3.2.18)
      activesupport (= 3.2.18)
      builder (~> 3.0.0)
    activerecord (3.2.18)
      activemodel (= 3.2.18)
      activesupport (= 3.2.18)
      arel (~> 3.0.2)
      tzinfo (~> 0.3.29)
    activeresource (3.2.18)
      activemodel (= 3.2.18)
      activesupport (= 3.2.18)
    activesupport (3.2.18)
      i18n (~> 0.6, >= 0.6.4)
      multi_json (~> 1.0)
    acts_as_tree_rails3 (0.1.0)
    arel (3.0.3)
    builder (3.0.4)
    calendar_date_select (1.16.4)
    coffee-rails (3.2.2)
      coffee-script (>= 2.2.0)
      railties (~> 3.2.0)
    coffee-script (2.2.0)
      coffee-script-source
      execjs
    coffee-script-source (1.7.0)
    dalli (2.1.0)
    dynamic_form (1.1.3)
    erubis (2.7.0)
    execjs (1.4.0)
      multi_json (~> 1.0)
    hash-deep-merge (0.1.1)
    hike (1.2.3)
    hpricot (0.8.3)
    i18n (0.6.9)
    icalendar (1.1.6)
    journey (1.0.4)
    jpmobile (3.0.4)
    jquery-rails (3.1.0)
      railties (>= 3.0, < 5.0)
      thor (>= 0.14, < 2.0)
    json (1.8.1)
    lazy_high_charts (1.5.2)
      bundler (>= 1.0)
      hash-deep-merge
    libv8 (3.3.10.4)
    mail (2.5.4)
      mime-types (~> 1.16)
      treetop (~> 1.4.8)
    mime-types (1.25.1)
    multi_json (1.10.1)
    mysql2 (0.3.15)
    net-ssh (2.0.23)
    polyglot (0.3.4)
    rack (1.4.5)
    rack-cache (1.2)
      rack (>= 0.4)
    rack-ssl (1.3.4)
      rack
    rack-test (0.6.2)
      rack (>= 1.0)
    rails (3.2.18)
      actionmailer (= 3.2.18)
      actionpack (= 3.2.18)
      activerecord (= 3.2.18)
      activeresource (= 3.2.18)
      activesupport (= 3.2.18)
      bundler (~> 1.0)
      railties (= 3.2.18)
    railties (3.2.18)
      actionpack (= 3.2.18)
      activesupport (= 3.2.18)
      rack-ssl (~> 1.3.2)
      rake (>= 0.8.7)
      rdoc (~> 3.4)
      thor (>= 0.14.6, < 2.0)
    rake (10.3.2)
    rdoc (3.12.2)
      json (~> 1.4)
    render_component_vho (3.2.1)
      railties (>= 3.1.0)
    ri_cal (0.8.8)
    rmagick (2.13.1)
    ruby-ldap (0.9.11)
    sass (3.3.7)
    sass-rails (3.2.6)
      railties (~> 3.2.0)
      sass (>= 3.1.10)
      tilt (~> 1.3)
    sprockets (2.2.2)
      hike (~> 1.2)
      multi_json (~> 1.0)
      rack (~> 1.0)
      tilt (~> 1.1, != 1.3.0)
    tamtam (0.0.3)
      hpricot
    therubyracer (0.10.2)
      libv8 (~> 3.3.10)
    thor (0.19.1)
    tilt (1.4.1)
    treetop (1.4.15)
      polyglot
      polyglot (>= 0.3.1)
    tzinfo (0.3.39)
    uglifier (2.5.0)
      execjs (>= 0.3.0)
      json (>= 1.8.0)
    validates_email_format_of (1.4.7)
    will_paginate (3.0.2)
    zipruby (0.3.6)

PLATFORMS
  ruby

DEPENDENCIES
  acts_as_tree_rails3 (= 0.1.0)
  calendar_date_select (= 1.16.4)
  coffee-rails (~> 3.2.1)
  dalli (= 2.1.0)
  dynamic_form (= 1.1.3)
  execjs (= 1.4.0)
  hpricot (= 0.8.3)
  icalendar (= 1.1.6)
  jpmobile (= 3.0.4)
  jquery-rails
  lazy_high_charts
  mysql2 (= 0.3.15)
  net-ssh (= 2.0.23)
  rails (= 3.2.18)
  render_component_vho (= 3.2.1)
  ri_cal (= 0.8.8)
  rmagick (= 2.13.1)
  ruby-ldap (= 0.9.11)
  sass-rails (~> 3.2.3)
  tamtam (= 0.0.3)
  therubyracer (= 0.10.2)
  uglifier (>= 1.0.3)
  validates_email_format_of (= 1.4.7)
  will_paginate (= 3.0.2)
  zipruby (= 0.3.6)
